PATH
  remote: .
  specs:
    bluepotion (0.0.8)

GEM
  remote: https://rubygems.org/
  specs:
    newclear (1.0)
      reset-sim
    rake (10.4.2)
    reset-sim (1.0)

PLATFORMS
  ruby

DEPENDENCIES
  bluepotion!
  newclear
  rake
